GEM
  remote: https://rubygems.org/
  specs:
    blankslate (3.1.3)
    parslet (1.7.1)
      blankslate (>= 2.0, <= 4.0)

PLATFORMS
  ruby

DEPENDENCIES
  parslet

BUNDLED WITH
   1.13.6
